GEM
  remote: https://rubygems.org/
  specs:
    http-2-next (0.5.1)
    httpx (0.22.2)
      http-2-next (>= 0.4.1)

PLATFORMS
  aarch64-linux-android

DEPENDENCIES
  httpx (~> 0.22.2)

BUNDLED WITH
   2.3.26
